GIT
  remote: git://github.com/Sharparam/radspberry.git
  revision: be4309783c3e5d0759f21fcd57f71aa96d791c6c
  specs:
    radspberry (0.0.1)
      activesupport (~> 3.0)
      ffi-portaudio (~> 0.1.2)
      portmidi (~> 0.0.6)

GEM
  remote: https://rubygems.org/
  specs:
    activesupport (3.2.22.2)
      i18n (~> 0.6, >= 0.6.4)
      multi_json (~> 1.0)
    coderay (1.1.1)
    curses (1.0.2)
    diff-lcs (1.2.5)
    ffi (1.9.14)
    ffi-portaudio (0.1.2)
      ffi
    i18n (0.7.0)
    method_source (0.8.2)
    multi_json (1.12.1)
    portmidi (0.0.6)
    pry (0.10.4)
      coderay (~> 1.1.0)
      method_source (~> 0.8.1)
      slop (~> 3.4)
    rake (10.5.0)
    rspec (3.5.0)
      rspec-core (~> 3.5.0)
      rspec-expectations (~> 3.5.0)
      rspec-mocks (~> 3.5.0)
    rspec-core (3.5.2)
      rspec-support (~> 3.5.0)
    rspec-expectations (3.5.0)
      diff-lcs (>= 1.2.0, < 2.0)
      rspec-support (~> 3.5.0)
    rspec-mocks (3.5.0)
      diff-lcs (>= 1.2.0, < 2.0)
      rspec-support (~> 3.5.0)
    rspec-support (3.5.0)
    slop (3.6.0)
    yard (0.9.5)

PLATFORMS
  ruby

DEPENDENCIES
  curses (~> 1.0)
  pry (~> 0.10)
  radspberry!
  rake (~> 10.0)
  rspec (~> 3.0)
  yard (~> 0.9)

BUNDLED WITH
   1.12.5
